GEM
  remote: https://rubygems.org/
  specs:
    activesupport (4.1.16)
      i18n (~> 0.6, >= 0.6.9)
      json (~> 1.7, >= 1.7.7)
      minitest (~> 5.1)
      thread_safe (~> 0.1)
      tzinfo (~> 1.1)
    coderay (1.1.3)
    concurrent-ruby (1.2.2)
    i18n (0.9.5)
      concurrent-ruby (~> 1.0)
    icalendar (2.8.0)
      ice_cube (~> 0.16)
    ice_cube (0.16.4)
    json (1.8.6)
    method_source (1.0.0)
    minitest (5.18.0)
    pry (0.14.2)
      coderay (~> 1.1)
      method_source (~> 1.0)
    thread_safe (0.3.6)
    tzinfo (1.2.11)
      thread_safe (~> 0.1)

PLATFORMS
  ruby

DEPENDENCIES
  activesupport (~> 4.1.11)
  icalendar (~> 2.8.0)
  pry

BUNDLED WITH
   2.4.7
